PATH
  remote: .
  specs:
    kissmetrics (1.1.0)

GEM
  remote: http://rubygems.org/
  specs:
    awesome_print (0.3.1)
    diff-lcs (1.1.2)
    rake (0.8.7)
    rspec (2.4.0)
      rspec-core (~> 2.4.0)
      rspec-expectations (~> 2.4.0)
      rspec-mocks (~> 2.4.0)
    rspec-core (2.4.0)
    rspec-expectations (2.4.0)
      diff-lcs (~> 1.1.2)
    rspec-mocks (2.4.0)
    watchr (0.7)

PLATFORMS
  ruby

DEPENDENCIES
  awesome_print
  bundler (>= 1.0.0)
  kissmetrics!
  rake
  rspec (~> 2.4.0)
  watchr
